GIT
  remote: http://github.com/hanklords/shared-mime-info.git
  revision: 1b419c67346ea6da6d4500fe32b99147e7db6df5
  specs:
    shared-mime-info (0.1)

PATH
  remote: ~/Dev/forks/sunspot_mongoid
  specs:
    sunspot_mongoid (0.3.2)
      mongoid
      sunspot (>= 1.1.0)
      sunspot_rails (>= 1.1.0)

GEM
  remote: http://rubygems.org/
  specs:
    abstract (1.0.0)
    actionmailer (3.0.3)
      actionpack (= 3.0.3)
      mail (~> 2.2.9)
    actionpack (3.0.3)
      activemodel (= 3.0.3)
      activesupport (= 3.0.3)
      builder (~> 2.1.2)
      erubis (~> 2.6.6)
      i18n (~> 0.4)
      rack (~> 1.2.1)
      rack-mount (~> 0.6.13)
      rack-test (~> 0.5.6)
      tzinfo (~> 0.3.23)
    activemodel (3.0.3)
      activesupport (= 3.0.3)
      builder (~> 2.1.2)
      i18n (~> 0.4)
    activerecord (3.0.3)
      activemodel (= 3.0.3)
      activesupport (= 3.0.3)
      arel (~> 2.0.2)
      tzinfo (~> 0.3.23)
    activeresource (3.0.3)
      activemodel (= 3.0.3)
      activesupport (= 3.0.3)
    activesupport (3.0.3)
    addressable (2.2.3)
    ansi (1.2.2)
    archive-tar-minitar (0.5.2)
    arel (2.0.7)
    awesome_print (0.3.1)
    bson (1.0.4)
    bson_ext (1.0.4)
    builder (2.1.2)
    bzip2-ruby (0.2.7)
    columnize (0.3.2)
    diff-lcs (1.1.2)
    em-http-request (0.3.0)
      addressable (>= 2.0.0)
      escape_utils
      eventmachine (>= 0.12.9)
    erubis (2.6.6)
      abstract (>= 1.0.0)
    escape (0.0.4)
    escape_utils (0.1.9)
    eventmachine (0.12.10)
    ffi (1.0.5)
      rake (>= 0.8.7)
    haml (3.0.25)
    hpricot (0.8.3)
    i18n (0.5.0)
    jquery-rails (0.2.6)
      rails (~> 3.0)
      thor (~> 0.14.4)
    json (1.5.0)
    linecache19 (0.5.11)
      ruby_core_source (>= 0.1.4)
    mail (2.2.14)
      activesupport (>= 2.3.6)
      i18n (>= 0.4.0)
      mime-types (~> 1.16)
      treetop (~> 1.4.8)
    mime-types (1.16)
    mongo (1.0.7)
      bson (>= 1.0.4)
    mongoid (2.0.0.beta.17)
      activemodel (~> 3.0.0)
      bson (= 1.0.4)
      mongo (= 1.0.7)
      tzinfo (~> 0.3.22)
      will_paginate (~> 3.0.pre)
    nokogiri (1.4.4)
    polyglot (0.3.1)
    pr_geohash (1.0.0)
    rack (1.2.1)
    rack-mount (0.6.13)
      rack (>= 1.0.0)
    rack-test (0.5.7)
      rack (>= 1.0)
    rails (3.0.3)
      actionmailer (= 3.0.3)
      actionpack (= 3.0.3)
      activerecord (= 3.0.3)
      activeresource (= 3.0.3)
      activesupport (= 3.0.3)
      bundler (~> 1.0)
      railties (= 3.0.3)
    railties (3.0.3)
      actionpack (= 3.0.3)
      activesupport (= 3.0.3)
      rake (>= 0.8.7)
      thor (~> 0.14.4)
    rake (0.8.7)
    rb-inotify (0.8.4)
      ffi (>= 0.5.0)
    rdoc (3.4)
    resque-mongo (1.9.8.1)
      json (>= 1.1.0)
      mongo (>= 1.0.0)
      sinatra (>= 0.9.2)
      vegas (~> 0.1.2)
    rmagick (2.13.1)
    rsolr (0.12.1)
      builder (>= 2.1.2)
    rspec (2.4.0)
      rspec-core (~> 2.4.0)
      rspec-expectations (~> 2.4.0)
      rspec-mocks (~> 2.4.0)
    rspec-core (2.4.0)
    rspec-expectations (2.4.0)
      diff-lcs (~> 1.1.2)
    rspec-mocks (2.4.0)
    rspec-rails (2.4.1)
      actionpack (~> 3.0)
      activesupport (~> 3.0)
      railties (~> 3.0)
      rspec (~> 2.4.0)
    ruby-debug-base19 (0.11.24)
      columnize (>= 0.3.1)
      linecache19 (>= 0.5.11)
      ruby_core_source (>= 0.1.4)
    ruby-debug19 (0.11.6)
      columnize (>= 0.3.1)
      linecache19 (>= 0.5.11)
      ruby-debug-base19 (>= 0.11.19)
    ruby-mp3info (0.6.13)
    ruby_core_source (0.1.4)
      archive-tar-minitar (>= 0.5.2)
    sinatra (1.1.2)
      rack (~> 1.1)
      tilt (~> 1.2)
    sunspot (1.2.1)
      escape (= 0.0.4)
      pr_geohash (~> 1.0)
      rsolr (= 0.12.1)
    sunspot_rails (1.2.1)
      nokogiri
      sunspot (= 1.2.1)
    thor (0.14.6)
    tilt (1.2.2)
    treetop (1.4.9)
      polyglot (>= 0.3.1)
    tzinfo (0.3.24)
    vegas (0.1.8)
      rack (>= 1.0.0)
    will_paginate (3.0.pre2)
    wirble (0.1.3)

PLATFORMS
  ruby

DEPENDENCIES
  ansi
  awesome_print
  bson_ext (= 1.0.4)
  bzip2-ruby
  em-http-request
  haml
  hpricot
  jquery-rails
  mongoid (= 2.0.0.beta.17)
  rails (~> 3.0)
  rb-inotify
  rdoc
  resque-mongo
  rmagick
  rspec
  rspec-rails (>= 2.0.0.beta.20)
  ruby-debug19
  ruby-mp3info
  shared-mime-info!
  sunspot
  sunspot_mongoid!
  will_paginate (~> 3.0.pre2)
  wirble
